PATH
  remote: .
  specs:
    stunted (0.0.1)

GEM
  remote: http://rubygems.org/
  specs:
    assert2 (0.5.5)
    git (1.2.5)
    jeweler (1.6.4)
      bundler (~> 1.0)
      git (>= 1.2.5)
      rake
    rake (0.9.2.2)
    shoulda (3.0.1)
      shoulda-context (~> 1.0.0)
      shoulda-matchers (~> 1.0.0)
    shoulda-context (1.0.0)
    shoulda-matchers (1.0.0)

PLATFORMS
  ruby

DEPENDENCIES
  assert2
  bundler (~> 1.0.0)
  jeweler (~> 1.6.4)
  shoulda
  stunted!
